GEM
  remote: https://rubygems.org/
  specs:
    awesome_bot (1.19.1)
      parallel (= 1.17.0)
    parallel (1.17.0)

PLATFORMS
  ruby

DEPENDENCIES
  awesome_bot

RUBY VERSION
   ruby 2.6.3p62

BUNDLED WITH
   2.0.2
